PATH
  remote: .
  specs:
    sorbet-result (1.0.0)
      sorbet-runtime (~> 0.5)
      zeitwerk (~> 2.6)

GEM
  remote: https://rubygems.org/
  specs:
    ast (2.4.2)
    base64 (0.1.1)
    debug (1.8.0)
      irb (>= 1.5.0)
      reline (>= 0.3.1)
    diff-lcs (1.5.0)
    erubi (1.12.0)
    io-console (0.6.0)
    irb (1.7.1)
      reline (>= 0.3.0)
    json (2.6.3)
    language_server-protocol (3.17.0.3)
    lint_roller (1.1.0)
    minitest (5.18.1)
    netrc (0.11.0)
    parallel (1.23.0)
    parser (3.2.2.4)
      ast (~> 2.4.1)
      racc
    prettier_print (1.2.1)
    racc (1.7.1)
    rainbow (3.1.1)
    rake (13.0.6)
    rbi (0.0.16)
      ast
      parser (>= 2.6.4.0)
      sorbet-runtime (>= 0.5.9204)
      unparser
    regexp_parser (2.8.2)
    reline (0.3.5)
      io-console (~> 0.5)
    rexml (3.2.6)
    rubocop (1.56.4)
      base64 (~> 0.1.1)
      json (~> 2.3)
      language_server-protocol (>= 3.17.0)
      parallel (~> 1.10)
      parser (>= 3.2.2.3)
      rainbow (>= 2.2.2, < 4.0)
      regexp_parser (>= 1.8, < 3.0)
      rexml (>= 3.2.5, < 4.0)
      rubocop-ast (>= 1.28.1, < 2.0)
      ruby-progressbar (~> 1.7)
      unicode-display_width (>= 2.4.0, < 3.0)
    rubocop-ast (1.29.0)
      parser (>= 3.2.1.0)
    rubocop-performance (1.19.1)
      rubocop (>= 1.7.0, < 2.0)
      rubocop-ast (>= 0.4.0)
    rubocop-sorbet (0.7.4)
      rubocop (>= 0.90.0)
    ruby-progressbar (1.13.0)
    sorbet (0.5.10900)
      sorbet-static (= 0.5.10900)
    sorbet-runtime (0.5.10900)
    sorbet-static (0.5.10900-universal-darwin-22)
    sorbet-static (0.5.10900-x86_64-linux)
    sorbet-static-and-runtime (0.5.10900)
      sorbet (= 0.5.10900)
      sorbet-runtime (= 0.5.10900)
    spoom (1.2.2)
      erubi (>= 1.10.0)
      sorbet (>= 0.5.10187)
      sorbet-runtime (>= 0.5.9204)
      syntax_tree (>= 6.1.1)
      thor (>= 0.19.2)
    standard (1.31.2)
      language_server-protocol (~> 3.17.0.2)
      lint_roller (~> 1.0)
      rubocop (~> 1.56.4)
      standard-custom (~> 1.0.0)
      standard-performance (~> 1.2)
    standard-custom (1.0.2)
      lint_roller (~> 1.0)
      rubocop (~> 1.50)
    standard-performance (1.2.1)
      lint_roller (~> 1.1)
      rubocop-performance (~> 1.19.1)
    standard-sorbet (0.0.2)
      lint_roller (~> 1.1)
      rubocop-sorbet (~> 0.7.0)
    syntax_tree (6.1.1)
      prettier_print (>= 1.2.0)
    tapioca (0.11.7)
      bundler (>= 2.2.25)
      netrc (>= 0.11.0)
      parallel (>= 1.21.0)
      rbi (~> 0.0.0, >= 0.0.16)
      sorbet-static-and-runtime (>= 0.5.10187)
      spoom (~> 1.2.0, >= 1.2.0)
      thor (>= 1.2.0)
      yard-sorbet
    thor (1.2.2)
    unicode-display_width (2.5.0)
    unparser (0.6.8)
      diff-lcs (~> 1.3)
      parser (>= 3.2.0)
    yard (0.9.34)
    yard-sorbet (0.8.1)
      sorbet-runtime (>= 0.5)
      yard (>= 0.9)
    zeitwerk (2.6.8)

PLATFORMS
  arm64-darwin-22
  x86_64-linux

DEPENDENCIES
  debug
  minitest
  rake
  sorbet
  sorbet-result!
  sorbet-runtime
  spoom
  standard
  standard-sorbet
  tapioca

BUNDLED WITH
   2.4.12
